PATH
  remote: .
  specs:
    myfonts (0.0.4)
      httparty
      nokogiri

GEM
  remote: https://rubygems.org/
  specs:
    addressable (2.3.2)
    crack (0.3.1)
    diff-lcs (1.1.3)
    httparty (0.9.0)
      multi_json (~> 1.0)
      multi_xml
    multi_json (1.4.0)
    multi_xml (0.5.1)
    nokogiri (1.5.5)
    rspec (2.11.0)
      rspec-core (~> 2.11.0)
      rspec-expectations (~> 2.11.0)
      rspec-mocks (~> 2.11.0)
    rspec-core (2.11.1)
    rspec-expectations (2.11.3)
      diff-lcs (~> 1.1.3)
    rspec-mocks (2.11.3)
    vcr (2.3.0)
    webmock (1.9.0)
      addressable (>= 2.2.7)
      crack (>= 0.1.7)

PLATFORMS
  ruby

DEPENDENCIES
  myfonts!
  rspec
  vcr
  webmock
